PATH
  remote: .
  specs:
    nbateams (0.1.0)
      nokogiri

GEM
  remote: https://rubygems.org/
  specs:
    mini_portile2 (2.4.0)
    nokogiri (1.10.9)
      mini_portile2 (~> 2.4.0)
    rake (13.0.1)

PLATFORMS
  ruby

DEPENDENCIES
  bundler (~> 2.0)
  nbateams!
  rake (>= 12.3.3)

BUNDLED WITH
   2.0.1
